PATH
  remote: .
  specs:
    yard-sinatra (2.0.0.beta)
      activesupport
      yard (~> 0.7)

GEM
  remote: https://rubygems.org/
  specs:
    activesupport (4.0.0)
      i18n (~> 0.6, >= 0.6.4)
      minitest (~> 4.2)
      multi_json (~> 1.3)
      thread_safe (~> 0.1)
      tzinfo (~> 0.3.37)
    atomic (1.1.14)
    diff-lcs (1.1.2)
    i18n (0.6.5)
    minitest (4.7.5)
    multi_json (1.8.0)
    rake (0.9.2)
    rspec (2.6.0)
      rspec-core (~> 2.6.0)
      rspec-expectations (~> 2.6.0)
      rspec-mocks (~> 2.6.0)
    rspec-core (2.6.4)
    rspec-expectations (2.6.0)
      diff-lcs (~> 1.1.2)
    rspec-mocks (2.6.0)
    thread_safe (0.1.3)
      atomic
    tzinfo (0.3.37)
    yard (0.8.7.2)

PLATFORMS
  ruby

DEPENDENCIES
  rake
  rspec (~> 2.6)
  yard-sinatra!
